PATH
  remote: .
  specs:
    arctic-vendor (2.0.1)
      activesupport (~> 5.2)
      faraday (~> 0.14)
      faraday_middleware (~> 0.12)
      grape (~> 1.1)
      grape_logging (~> 1.8)
      typhoeus (~> 1.3)

GEM
  remote: https://rubygems.org/
  specs:
    activesupport (5.2.1)
      concurrent-ruby (~> 1.0, >= 1.0.2)
      i18n (>= 0.7, < 2)
      minitest (~> 5.1)
      tzinfo (~> 1.1)
    addressable (2.5.2)
      public_suffix (>= 2.0.2, < 4.0)
    axiom-types (0.1.1)
      descendants_tracker (~> 0.0.4)
      ice_nine (~> 0.11.0)
      thread_safe (~> 0.3, >= 0.3.1)
    builder (3.2.3)
    coercible (1.0.0)
      descendants_tracker (~> 0.0.1)
    concurrent-ruby (1.0.5)
    crack (0.4.3)
      safe_yaml (~> 1.0.0)
    descendants_tracker (0.0.4)
      thread_safe (~> 0.3, >= 0.3.1)
    diff-lcs (1.3)
    equalizer (0.0.11)
    ethon (0.11.0)
      ffi (>= 1.3.0)
    faraday (0.15.3)
      multipart-post (>= 1.2, < 3)
    faraday_middleware (0.12.2)
      faraday (>= 0.7.4, < 1.0)
    ffi (1.9.25)
    grape (1.1.0)
      activesupport
      builder
      mustermann-grape (~> 1.0.0)
      rack (>= 1.3.0)
      rack-accept
      virtus (>= 1.0.0)
    grape_logging (1.8.0)
      grape
      rack
    hashdiff (0.3.7)
    i18n (1.1.0)
      concurrent-ruby (~> 1.0)
    ice_nine (0.11.2)
    minitest (5.11.3)
    multipart-post (2.0.0)
    mustermann (1.0.3)
    mustermann-grape (1.0.0)
      mustermann (~> 1.0.0)
    public_suffix (3.0.2)
    rack (2.0.5)
    rack-accept (0.4.5)
      rack (>= 0.4)
    rack-test (1.1.0)
      rack (>= 1.0, < 3)
    rake (10.5.0)
    rspec (3.7.0)
      rspec-core (~> 3.7.0)
      rspec-expectations (~> 3.7.0)
      rspec-mocks (~> 3.7.0)
    rspec-core (3.7.1)
      rspec-support (~> 3.7.0)
    rspec-expectations (3.7.0)
      diff-lcs (>= 1.2.0, < 2.0)
      rspec-support (~> 3.7.0)
    rspec-its (1.2.0)
      rspec-core (>= 3.0.0)
      rspec-expectations (>= 3.0.0)
    rspec-mocks (3.7.0)
      diff-lcs (>= 1.2.0, < 2.0)
      rspec-support (~> 3.7.0)
    rspec-support (3.7.1)
    safe_yaml (1.0.4)
    thread_safe (0.3.6)
    timecop (0.9.1)
    typhoeus (1.3.0)
      ethon (>= 0.9.0)
    tzinfo (1.2.5)
      thread_safe (~> 0.1)
    virtus (1.0.5)
      axiom-types (~> 0.1)
      coercible (~> 1.0)
      descendants_tracker (~> 0.0, >= 0.0.3)
      equalizer (~> 0.0, >= 0.0.9)
    webmock (3.4.2)
      addressable (>= 2.3.6)
      crack (>= 0.3.2)
      hashdiff

PLATFORMS
  ruby

DEPENDENCIES
  arctic-vendor!
  rack-test (~> 1.1)
  rake (~> 10.0)
  rspec (~> 3.0)
  rspec-its (~> 1.2)
  timecop (~> 0.9)
  webmock (~> 3.4)

BUNDLED WITH
   1.16.1
